PATH
  remote: .
  specs:
    cocoapods-dependencies (0.4.1)

GEM
  remote: https://rubygems.org/
  specs:
    rake (10.2.2)

PLATFORMS
  ruby

DEPENDENCIES
  bundler (~> 1.3)
  cocoapods-dependencies!
  rake
