PATH
  remote: .
  specs:
    cocoapods-dependencies (0.5.1)
      ruby-graphviz (~> 1.2)

GEM
  remote: https://rubygems.org/
  specs:
    rake (10.4.2)
    ruby-graphviz (1.2.2)

PLATFORMS
  ruby

DEPENDENCIES
  bundler (~> 1.3)
  cocoapods-dependencies!
  rake

BUNDLED WITH
   1.10.6
